GEM
  remote: https://rubygems.org/
  specs:
    json (1.8.0)
    rake (10.1.0)
    vimrunner (0.3.0)

PLATFORMS
  ruby

DEPENDENCIES
  json
  rake
  vimrunner
